GEM
  remote: https://rubygems.org/
  specs:
    CFPropertyList (2.3.6)
    activesupport (4.2.10)
      i18n (~> 0.7)
      minitest (~> 5.1)
      thread_safe (~> 0.3, >= 0.3.4)
      tzinfo (~> 1.1)
    ansi (1.5.0)
    ast (2.3.0)
    aws-sdk (2.10.104)
      aws-sdk-resources (= 2.10.104)
    aws-sdk-core (2.10.104)
      aws-sigv4 (~> 1.0)
      jmespath (~> 1.0)
    aws-sdk-resources (2.10.104)
      aws-sdk-core (= 2.10.104)
    aws-sigv4 (1.0.2)
    builder (3.2.3)
    carthage_cache (0.8.3)
      aws-sdk (~> 2.0)
      commander (~> 4.3)
    claide (1.0.2)
    clamp (0.6.5)
    codestats-metrics-reporter (0.1.13)
      httparty (~> 0.13)
      oga (~> 1.3)
      rake (> 0.8)
      s3_uploader (~> 0.2)
    colored2 (3.1.2)
    commander (4.4.3)
      highline (~> 1.7.2)
    concurrent-ruby (1.0.5)
    excon (0.71.0)
    fog-aws (2.0.0)
      fog-core (~> 1.38)
      fog-json (~> 1.0)
      fog-xml (~> 0.1)
      ipaddress (~> 0.8)
    fog-core (1.45.0)
      builder
      excon (~> 0.58)
      formatador (~> 0.2)
    fog-json (1.0.2)
      fog-core (~> 1.0)
      multi_json (~> 1.10)
    fog-xml (0.1.3)
      fog-core
      nokogiri (>= 1.5.11, < 2.0.0)
    formatador (0.2.5)
    highline (1.7.10)
    httparty (0.21.0)
      mini_mime (>= 1.0.0)
      multi_xml (>= 0.5.2)
    i18n (0.9.1)
      concurrent-ruby (~> 1.0)
    ipaddress (0.8.3)
    jmespath (1.6.1)
    mime-types (3.1)
      mime-types-data (~> 3.2015)
    mime-types-data (3.2016.0521)
    mini_mime (1.1.2)
    mini_portile2 (2.1.0)
    minitest (5.10.3)
    multi_json (1.12.2)
    multi_xml (0.6.0)
    nanaimo (0.2.3)
    nokogiri (1.6.8.1)
      mini_portile2 (~> 2.1.0)
    oga (1.3.1)
      ast
      ruby-ll (~> 2.1)
    rake (13.0.1)
    rouge (2.0.7)
    ruby-ll (2.1.2)
      ansi
      ast
    s3_uploader (0.2.3)
      fog-aws (>= 0.9.4)
      mime-types
    slather (2.4.3)
      CFPropertyList (~> 2.2)
      activesupport (>= 4.0.2, < 5)
      clamp (~> 0.6)
      nokogiri (>= 1.6, < 1.7)
      xcodeproj (~> 1.4)
    thread_safe (0.3.6)
    tzinfo (1.2.10)
      thread_safe (~> 0.1)
    xcodeproj (1.5.4)
      CFPropertyList (~> 2.3.3)
      claide (>= 1.0.2, < 2.0)
      colored2 (~> 3.1)
      nanaimo (~> 0.2.3)
    xcpretty (0.2.8)
      rouge (~> 2.0.7)

PLATFORMS
  ruby

DEPENDENCIES
  carthage_cache
  codestats-metrics-reporter
  slather (= 2.4.3)
  xcpretty

BUNDLED WITH
   1.17.2
